PATH
  remote: .
  specs:
    mobme-infrastructure-queue (0.9.3)
      yajl-ruby

GEM
  remote: http://gems.mobme.in/
  remote: http://rubygems.org/
  specs:
    algorithms (0.3.0)
    builder (3.0.0)
    bunny (0.7.8)
    ci_reporter (1.6.5.1)
      builder (>= 2.1.2)
    diff-lcs (1.1.3)
    em-synchrony (1.0.1)
      eventmachine (>= 1.0.0.beta.1)
    em-zeromq (0.2.2)
      eventmachine (>= 1.0.0.beta.4)
      ffi (>= 1.0.0)
      ffi-rzmq (~> 0.9.0)
    eventmachine (1.0.0.beta.5)
    ffi (1.0.11)
    ffi-rzmq (0.9.2)
      ffi (>= 1.0.9)
    flog (2.5.3)
      ruby_parser (~> 2.0)
      sexp_processor (~> 3.0)
    growl (1.0.3)
    guard (0.8.8)
      thor (~> 0.14.6)
    guard-rspec (0.5.8)
      guard (>= 0.8.4)
    hiredis (0.3.2)
    libnotify (0.6.0)
    multi_json (1.0.4)
    rake (0.9.2.2)
    rb-fsevent (0.4.3.1)
    rb-inotify (0.8.8)
      ffi (>= 0.5.0)
    rdiscount (1.6.8)
    redis (2.2.2)
    rspec (2.7.0)
      rspec-core (~> 2.7.0)
      rspec-expectations (~> 2.7.0)
      rspec-mocks (~> 2.7.0)
    rspec-core (2.7.1)
    rspec-expectations (2.7.0)
      diff-lcs (~> 1.1.2)
    rspec-mocks (2.7.0)
    ruby_parser (2.3.1)
      sexp_processor (~> 3.0)
    sexp_processor (3.0.8)
    simplecov (0.5.4)
      multi_json (~> 1.0.3)
      simplecov-html (~> 0.5.3)
    simplecov-html (0.5.3)
    simplecov-rcov (0.2.3)
      simplecov (>= 0.4.1)
    thor (0.14.6)
    yajl-ruby (1.1.0)
    yard (0.7.4)

PLATFORMS
  ruby

DEPENDENCIES
  algorithms
  bunny (~> 0.7.4)
  ci_reporter
  diff-lcs
  em-synchrony
  em-zeromq
  flog
  growl
  guard
  guard-rspec
  hiredis (~> 0.3.1)
  libnotify
  mobme-infrastructure-queue!
  rake
  rb-fsevent
  rb-inotify
  rdiscount
  redis (~> 2.2.0)
  rspec
  simplecov
  simplecov-rcov
  yard
